GEM
  remote: https://rubygems.org/
  specs:
    coderay (1.1.3)
    httparty (0.21.0)
      mini_mime (>= 1.0.0)
      multi_xml (>= 0.5.2)
    json (2.5.1)
    method_source (1.0.0)
    mini_mime (1.1.2)
    multi_xml (0.6.0)
    mustermann (2.0.2)
      ruby2_keywords (~> 0.0.1)
    nio4r (2.5.8)
    pry (0.14.1)
      coderay (~> 1.1)
      method_source (~> 1.0)
    puma (5.6.4)
      nio4r (~> 2.0)
    r18n-core (5.0.1)
    rack (2.2.4)
    rack-protection (2.2.3)
      rack
    ruby2_keywords (0.0.5)
    shotgun (0.9.2)
      rack (>= 1.0)
    sinatra (2.2.3)
      mustermann (~> 2.0)
      rack (~> 2.2)
      rack-protection (= 2.2.3)
      tilt (~> 2.0)
    sinatra-r18n (5.0.2)
      r18n-core (~> 5.0)
      sinatra (>= 1.3, < 3)
    tilt (2.0.11)

PLATFORMS
  ruby

DEPENDENCIES
  httparty
  json
  pry
  puma
  shotgun
  sinatra
  sinatra-r18n
  tzinfo-data

BUNDLED WITH
   2.1.4
